GEM
  remote: https://rubygems.org/
  specs:
    addressable (2.3.4)
    kramdown (1.0.2)
    launchy (2.3.0)
      addressable (~> 2.3)

PLATFORMS
  ruby

DEPENDENCIES
  kramdown (~> 1.0.2)
  launchy (~> 2.3.0)
