GEM
  remote: https://rubygems.org/
  specs:
    kramdown (1.0.2)

PLATFORMS
  ruby

DEPENDENCIES
  kramdown (~> 1.0.2)
